GEM
  remote: https://rubygems.org/
  specs:
    activesupport (5.1.1)
      concurrent-ruby (~> 1.0, >= 1.0.2)
      i18n (~> 0.7)
      minitest (~> 5.1)
      tzinfo (~> 1.1)
    bcrypt (3.1.11)
    builder (3.2.3)
    concurrent-ruby (1.0.5)
    diff-lcs (1.3)
    haml (5.0.1)
      temple (>= 0.8.0)
      tilt
    i18n (0.8.1)
    mail (2.7.0)
      mini_mime (>= 0.1.1)
    mime-types (2.99.3)
    mini_mime (1.0.0)
    minitest (5.10.2)
    moneta (1.0.0)
    mustermann (1.0.2)
    padrino (0.14.3)
      padrino-admin (= 0.14.3)
      padrino-cache (= 0.14.3)
      padrino-core (= 0.14.3)
      padrino-gen (= 0.14.3)
      padrino-helpers (= 0.14.3)
      padrino-mailer (= 0.14.3)
      padrino-support (= 0.14.3)
    padrino-admin (0.14.3)
      padrino-core (= 0.14.3)
      padrino-helpers (= 0.14.3)
    padrino-cache (0.14.3)
      moneta (~> 1.0.0)
      padrino-core (= 0.14.3)
      padrino-helpers (= 0.14.3)
    padrino-core (0.14.3)
      padrino-support (= 0.14.3)
      sinatra (>= 2.0.0)
      thor (~> 0.18)
    padrino-gen (0.14.3)
      bundler (~> 1.0)
      padrino-core (= 0.14.3)
    padrino-helpers (0.14.3)
      i18n (~> 0.6, >= 0.6.7)
      padrino-support (= 0.14.3)
      tilt (>= 1.4.1, < 3)
    padrino-mailer (0.14.3)
      mail (~> 2.5)
      mime-types (< 3)
      padrino-core (= 0.14.3)
    padrino-support (0.14.3)
    pg (0.18.4)
    rack (2.0.3)
    rack-protection (2.0.1)
      rack
    rack-test (0.6.3)
      rack (>= 1.0)
    rake (12.0.0)
    rspec (3.6.0)
      rspec-core (~> 3.6.0)
      rspec-expectations (~> 3.6.0)
      rspec-mocks (~> 3.6.0)
    rspec-core (3.6.0)
      rspec-support (~> 3.6.0)
    rspec-expectations (3.6.0)
      diff-lcs (>= 1.2.0, < 2.0)
      rspec-support (~> 3.6.0)
    rspec-mocks (3.6.0)
      diff-lcs (>= 1.2.0, < 2.0)
      rspec-support (~> 3.6.0)
    rspec-support (3.6.0)
    sass (3.4.24)
    sequel (4.46.0)
    sinatra (2.0.1)
      mustermann (~> 1.0)
      rack (~> 2.0)
      rack-protection (= 2.0.1)
      tilt (~> 2.0)
    sqlite3 (1.3.13)
    temple (0.8.0)
    thor (0.20.0)
    thread_safe (0.3.6)
    tilt (2.0.7)
    tzinfo (1.2.3)
      thread_safe (~> 0.1)

PLATFORMS
  ruby

DEPENDENCIES
  activesupport (>= 3.1)
  bcrypt
  builder
  haml
  padrino (= 0.14.3)
  pg
  rack-test
  rake
  rspec
  sass
  sequel
  sqlite3

BUNDLED WITH
   1.16.1
